GEM
  remote: https://rubygems.org/
  specs:
    ffi (1.11.1)
    minitest (5.11.0)
    rake (12.0.0)

PLATFORMS
  ruby

DEPENDENCIES
  ffi (= 1.11.1)
  minitest
  rake

BUNDLED WITH
   1.17.3
