GEM
  remote: https://rubygems.org/
  specs:
    ffi (1.11.1)
    minitest (5.11.0)
    rake (12.3.2)

PLATFORMS
  ruby

DEPENDENCIES
  ffi
  minitest
  rake (~> 12.3)

BUNDLED WITH
   1.17.3
