GEM
  remote: https://rubygems.org/
  specs:
    ffi (1.11.1)
    rake (11.0.1)

PLATFORMS
  ruby

DEPENDENCIES
  ffi
  rake (~> 11.0)

BUNDLED WITH
   1.17.3
