GEM
  remote: https://rubygems.org/
  specs:
    flowbyte-yanked (1.0.1)
    minitest (5.11.0)
    rake (12.0.0)

PLATFORMS
  ruby

DEPENDENCIES
  flowbyte-yanked
  minitest
  rake

BUNDLED WITH
   1.17.3
