GEM
  remote: https://rubygems.org/
  specs:
    ffi (1.11.0)
    rake (11.0.0)

PLATFORMS
  ruby

DEPENDENCIES
  ffi (= 1.11.0)
  rake

BUNDLED WITH
   1.17.3
